PATH
  remote: .
  specs:
    crossing_guard (0.2.0)

GEM
  remote: http://rubygems.org/
  specs:

PLATFORMS
  ruby

DEPENDENCIES
  crossing_guard!
